GEM
  remote: https://rubygems.org/
  specs:
    ast (2.4.0)
    backport (0.3.0)
    cinch (2.3.4)
    htmlentities (4.3.4)
    jaro_winkler (1.5.2)
    json (2.1.0)
    kramdown (1.17.0)
    mini_portile2 (2.4.0)
    mustermann (1.0.3)
    nokogiri (1.10.4-x64-mingw32)
      mini_portile2 (~> 2.4.0)
    parallel (1.13.0)
    parser (2.6.0.0)
      ast (~> 2.4.0)
    powerpack (0.1.2)
    rack (2.0.6)
    rack-protection (2.0.5)
      rack
    rainbow (3.0.0)
    reverse_markdown (1.1.0)
      nokogiri
    rubocop (0.64.0)
      jaro_winkler (~> 1.5.1)
      parallel (~> 1.10)
      parser (>= 2.5, != 2.5.1.1)
      powerpack (~> 0.1)
      rainbow (>= 2.2.2, < 4.0)
      ruby-progressbar (~> 1.7)
      unicode-display_width (~> 1.4.0)
    ruby-progressbar (1.10.0)
    sinatra (2.0.5)
      mustermann (~> 1.0)
      rack (~> 2.0)
      rack-protection (= 2.0.5)
      tilt (~> 2.0)
    solargraph (0.31.3)
      backport (~> 0.3)
      htmlentities (~> 4.3, >= 4.3.4)
      jaro_winkler (~> 1.5)
      kramdown (~> 1.16)
      parser (~> 2.3)
      reverse_markdown (~> 1.0, >= 1.0.5)
      rubocop (~> 0.52)
      thor (~> 0.19, >= 0.19.4)
      tilt (~> 2.0)
      yard (~> 0.9)
    thor (0.20.3)
    tilt (2.0.9)
    unicode-display_width (1.4.1)
    yard (0.9.20)

PLATFORMS
  x64-mingw32

DEPENDENCIES
  cinch (~> 2.3)
  json (~> 2.1)
  sinatra (~> 2.0)
  solargraph (~> 0.31.3)

BUNDLED WITH
   2.0.1
